GEM
  remote: https://rubygems.org/
  specs:
    github-markup (1.4.0)
    rake (10.5.0)

PLATFORMS
  ruby

DEPENDENCIES
  github-markup
  rake

BUNDLED WITH
   1.11.2
