GEM
  remote: https://rubygems.org/
  specs:
    github-markup (1.4.0)
    rake (10.5.0)
    redcarpet (3.3.4)

PLATFORMS
  ruby

DEPENDENCIES
  github-markup
  rake
  redcarpet

BUNDLED WITH
   1.11.2
